GEM
  remote: https://rubygems.org/
  specs:
    createsend (0.3.2)
      hashie (~> 1.0)
      httparty (~> 0.7)
      json
    hashie (1.2.0)
    httparty (0.21.0)
      mini_mime (>= 1.0.0)
      multi_xml (>= 0.5.2)
    json (2.7.1)
    mini_mime (1.1.5)
    multi_xml (0.6.0)
    t-minus (0.3.1)
      createsend (~> 0.2)

PLATFORMS
  x64-mingw-ucrt
  x86_64-linux

DEPENDENCIES
  t-minus (= 0.3.1)

BUNDLED WITH
   2.3.16
